GEM
  remote: https://rubygems.org/
  specs:
    minitest (5.7.0)
    rack (1.6.12)
    rack-protection (1.5.3)
      rack
    rack-test (0.6.3)
      rack (>= 1.0)
    sinatra (1.4.6)
      rack (~> 1.4)
      rack-protection (~> 1.4)
      tilt (>= 1.3, < 3)
    tilt (2.0.1)

PLATFORMS
  ruby

DEPENDENCIES
  minitest
  rack-test
  sinatra

BUNDLED WITH
   1.10.6
